GEM
  remote: http://rubygems.org/
  specs:
    ZenTest (4.10.1)
    activesupport (3.2.9)
      i18n (~> 0.6)
      multi_json (~> 1.0)
    addressable (2.3.6)
    autotest (4.4.6)
      ZenTest (>= 4.4.1)
    builder (3.1.4)
    crack (0.3.1)
    diff-lcs (1.2.5)
    fakeweb (1.3.0)
    faraday (0.7.6)
      addressable (~> 2.2)
      multipart-post (~> 1.1)
      rack (~> 1.1)
    git (1.2.7)
    github_api (0.4.10)
      faraday (~> 0.7.6)
      hashie (~> 1.2.0)
      multi_json (~> 1.0)
      oauth2 (~> 0.5.2)
    hashie (1.2.0)
    highline (1.6.21)
    i18n (0.6.1)
    jeweler (2.0.1)
      builder
      bundler (>= 1.0)
      git (>= 1.2.5)
      github_api
      highline (>= 1.6.15)
      nokogiri (>= 1.5.10)
      rake
      rdoc
    json (1.8.1)
    mime-types (1.19)
    mini_portile (0.6.0)
    multi_json (1.3.7)
    multipart-post (1.2.0)
    nokogiri (1.6.2.1)
      mini_portile (= 0.6.0)
    nokogiri-happymapper (0.5.6)
      nokogiri (~> 1.5)
    oauth2 (0.5.2)
      faraday (~> 0.7)
      multi_json (~> 1.0)
    rack (1.5.2)
    rake (10.3.2)
    rdoc (4.1.1)
      json (~> 1.4)
    rest-client (1.6.7)
      mime-types (>= 1.16)
    rspec (3.0.0)
      rspec-core (~> 3.0.0)
      rspec-expectations (~> 3.0.0)
      rspec-mocks (~> 3.0.0)
    rspec-core (3.0.2)
      rspec-support (~> 3.0.0)
    rspec-expectations (3.0.2)
      diff-lcs (>= 1.2.0, < 2.0)
      rspec-support (~> 3.0.0)
    rspec-mocks (3.0.2)
      rspec-support (~> 3.0.0)
    rspec-support (3.0.2)
    stale_fish (1.3.2)
      activesupport
      fakeweb

PLATFORMS
  ruby

DEPENDENCIES
  autotest
  builder
  crack
  jeweler (~> 2.0.1)
  nokogiri (~> 1.6.2.1)
  nokogiri-happymapper (>= 0.5.4)
  rest-client (~> 1.6.0)
  rspec (~> 3.0.0)
  stale_fish (~> 1.3.2)
