GEM
  remote: http://rubygems.org/
  specs:
    ZenTest (4.10.1)
    activesupport (3.2.9)
      i18n (~> 0.6)
      multi_json (~> 1.0)
    addressable (2.3.6)
    autotest (4.4.6)
      ZenTest (>= 4.4.1)
    builder (3.2.2)
    crack (0.4.2)
      safe_yaml (~> 1.0.0)
    diff-lcs (1.2.5)
    fakeweb (1.3.0)
    faraday (0.8.9)
      multipart-post (~> 1.2.0)
    git (1.2.7)
    github_api (0.10.1)
      addressable
      faraday (~> 0.8.1)
      hashie (>= 1.2)
      multi_json (~> 1.4)
      nokogiri (~> 1.5.2)
      oauth2
    hashie (3.2.0)
    highline (1.6.21)
    i18n (0.6.11)
    jeweler (1.8.8)
      builder
      bundler (~> 1.0)
      git (>= 1.2.5)
      github_api (= 0.10.1)
      highline (>= 1.6.15)
      nokogiri (= 1.5.10)
      rake
      rdoc
    json (1.8.1)
    jwt (1.0.0)
    mime-types (1.25.1)
    multi_json (1.10.1)
    multi_xml (0.5.5)
    multipart-post (1.2.0)
    nokogiri (1.5.10)
    nokogiri-happymapper (0.5.6)
      nokogiri (~> 1.5)
    oauth2 (1.0.0)
      faraday (>= 0.8, < 0.10)
      jwt (~> 1.0)
      multi_json (~> 1.3)
      multi_xml (~> 0.5)
      rack (~> 1.2)
    rack (1.5.2)
    rake (10.3.2)
    rdoc (4.1.1)
      json (~> 1.4)
    rest-client (1.6.8)
      mime-types (~> 1.16)
      rdoc (>= 2.4.2)
    rspec (3.0.0)
      rspec-core (~> 3.0.0)
      rspec-expectations (~> 3.0.0)
      rspec-mocks (~> 3.0.0)
    rspec-core (3.0.3)
      rspec-support (~> 3.0.0)
    rspec-expectations (3.0.3)
      diff-lcs (>= 1.2.0, < 2.0)
      rspec-support (~> 3.0.0)
    rspec-mocks (3.0.3)
      rspec-support (~> 3.0.0)
    rspec-support (3.0.3)
    safe_yaml (1.0.3)
    stale_fish (1.3.2)
      activesupport
      fakeweb

PLATFORMS
  ruby

DEPENDENCIES
  activesupport (= 3.2.9)
  autotest
  builder
  crack
  jeweler (~> 1.8.4)
  nokogiri (>= 1.5.5)
  nokogiri-happymapper (= 0.5.6)
  rest-client (~> 1.6.0)
  rspec (~> 3.0.0)
  stale_fish (~> 1.3.2)
